GEM
  remote: http://rubygems.org/
  specs:
    copperegg (0.5.1)
      multi_json (>= 1.3.0)
    json (1.7.5)
    multi_json (1.3.7)
    mysql2 (0.3.11)
    redis (3.0.2)

PLATFORMS
  ruby

DEPENDENCIES
  copperegg
  json
  mysql2
  redis
