PATH
  remote: ~/.rvm/gems/ruby-1.9.2-p290/gems/copperegg-0.6.0.pre/
  specs:
    copperegg (0.6.0.pre)
      activeresource (~> 3.2.9)

GEM
  remote: http://rubygems.org/
  specs:
    activemodel (3.2.9)
      activesupport (= 3.2.9)
      builder (~> 3.0.0)
    activeresource (3.2.9)
      activemodel (= 3.2.9)
      activesupport (= 3.2.9)
    activesupport (3.2.9)
      i18n (~> 0.6)
      multi_json (~> 1.0)
    builder (3.0.4)
    i18n (0.6.1)
    multi_json (1.5.0)
    mysql2 (0.3.11)
    redis (3.0.2)

PLATFORMS
  ruby

DEPENDENCIES
  copperegg!
  mysql2
  redis
