GEM
  remote: http://rubygems.org/
  specs:
    copperegg (0.5.2)
    json_pure (1.7.5)
    mysql2 (0.3.11)
    redis (3.0.2)

PLATFORMS
  ruby

DEPENDENCIES
  copperegg (~> 0.5.2)
  json_pure
  mysql2
  redis
